GEM
  remote: http://rubygems.org/
  specs:
    addressable (2.4.0)
    columnize (0.9.0)
    coveralls (0.8.23)
      json (>= 1.8, < 3)
      simplecov (~> 0.16.1)
      term-ansicolor (~> 1.3)
      thor (>= 0.19.4, < 2.0)
      tins (~> 1.6)
    debugger (1.6.8)
      columnize (>= 0.3.1)
      debugger-linecache (~> 1.2.0)
      debugger-ruby_core_source (~> 1.3.5)
    debugger-linecache (1.2.0)
    debugger-ruby_core_source (1.3.8)
    docile (1.3.2)
    json (2.3.0)
    json-schema (2.8.1)
      addressable (>= 2.4)
    murmurhash3 (0.1.6)
    simplecov (0.16.1)
      docile (~> 1.1)
      json (>= 1.8, < 3)
      simplecov-html (~> 0.10.0)
    simplecov-html (0.10.2)
    term-ansicolor (1.3.2)
      tins (~> 1.0)
    thor (0.20.3)
    tins (1.6.0)

PLATFORMS
  ruby

DEPENDENCIES
  coveralls
  debugger
  json-schema (~> 2.8.1)
  murmurhash3 (~> 0.1.6)

BUNDLED WITH
   1.17.3
